GEM
  remote: https://rubygems.org/
  specs:
    asciidoctor (2.0.12)

PLATFORMS
  x64-mingw32

DEPENDENCIES
  asciidoctor (~> 2.0, >= 2.0.12)

BUNDLED WITH
   2.1.4
